NUGET
  remote: https://www.nuget.org/api/v2
  specs:
    Argu (2.1)
    FSharp.Core (4.0.0.1)
    fszmq (12.1.1)
      FSharp.Core
